GEM
  specs:
    clipboard (1.1.1)

PLATFORMS
  ruby

DEPENDENCIES
  clipboard

BUNDLED WITH
   1.16.1
